GEM
  remote: http://rubygems.org/
  specs:
    git (1.2.5)
    jeweler (1.8.4)
      bundler (~> 1.0)
      git (>= 1.2.5)
      rake
      rdoc
    rake (0.9.2.2)
    rdoc (3.9.2)

PLATFORMS
  ruby

DEPENDENCIES
  jeweler
  rake
  rdoc
